GEM
  remote: https://rubygems.org/
  specs:
    addressable (2.3.6)
    backports (3.6.3)
    childprocess (0.5.5)
      ffi (~> 1.0, >= 1.0.11)
    daemons (1.1.9)
    data_objects (0.10.14)
      addressable (~> 2.1)
    dm-core (1.2.1)
      addressable (~> 2.3)
    dm-do-adapter (1.2.0)
      data_objects (~> 0.10.6)
      dm-core (~> 1.2.0)
    dm-postgres-adapter (1.2.0)
      dm-do-adapter (~> 1.2.0)
      do_postgres (~> 0.10.6)
    do_postgres (0.10.14)
      data_objects (= 0.10.14)
    eventmachine (1.0.3)
    ffi (1.9.6)
    mime-types (2.4.3)
    minitest (5.4.2)
    multi_json (1.10.1)
    netrc (0.8.0)
    pg (0.17.1)
    power_assert (0.2.1)
    rack (1.5.2)
    rack-protection (1.5.3)
      rack
    rack-test (0.6.2)
      rack (>= 1.0)
    rake (10.3.2)
    rest-client (1.7.2)
      mime-types (>= 1.16, < 3.0)
      netrc (~> 0.7)
    rubyzip (1.1.6)
    selenium-webdriver (2.44.0)
      childprocess (~> 0.5)
      multi_json (~> 1.0)
      rubyzip (~> 1.0)
      websocket (~> 1.0)
    sinatra (1.4.5)
      rack (~> 1.4)
      rack-protection (~> 1.4)
      tilt (~> 1.3, >= 1.3.4)
    sinatra-contrib (1.4.2)
      backports (>= 2.0)
      multi_json
      rack-protection
      rack-test
      sinatra (~> 1.4.0)
      tilt (~> 1.3)
    sinatra-flash (0.3.0)
      sinatra (>= 1.0.0)
    test-unit (3.0.7)
      power_assert
    thin (1.6.2)
      daemons (>= 1.0.9)
      eventmachine (>= 1.0.0)
      rack (>= 1.0.0)
    tilt (1.4.1)
    websocket (1.2.1)

PLATFORMS
  ruby

DEPENDENCIES
  dm-postgres-adapter
  minitest
  pg
  rack-test
  rake
  rest-client
  selenium-webdriver
  sinatra
  sinatra-contrib
  sinatra-flash
  test-unit
  thin
